GIT
  remote: git://github.com/igrigorik/em-synchrony.git
  revision: e585afeeb262d2aeb2885f706c3afb4c2f0e4b6f
  specs:
    em-synchrony (0.1.5)
      eventmachine (>= 0.12.9)

GEM
  remote: http://rubygems.org/
  specs:
    activesupport (3.0.0)
    addressable (2.2.1)
    archive-tar-minitar (0.8)
      minitar (~> 0.8)
      minitar-cli (~> 0.8)
    autotest (5.0.0)
      minitest-autotest (~> 1.0)
    capybara (2.18.0)
      addressable
      mini_mime (>= 0.1.3)
      nokogiri (>= 1.3.3)
      rack (>= 1.0.0)
      rack-test (>= 0.5.4)
      xpath (>= 2.0, < 4.0)
    columnize (0.9.0)
    concurrent-ruby (1.1.5)
    daemons (1.1.0)
    database_cleaner (1.7.0)
    diff-lcs (1.3)
    em-http-request (0.2.14)
      addressable (>= 2.0.0)
      eventmachine (>= 0.12.9)
    eventmachine (0.12.10)
    factory_girl (1.3.3)
    haml (5.1.2)
      temple (>= 0.8.0)
      tilt
    hashie (4.0.0)
    i18n (1.7.0)
      concurrent-ruby (~> 1.0)
    json (1.4.6)
    linecache19 (0.5.12)
      ruby_core_source (>= 0.1.4)
    mini_mime (1.0.2)
    mini_portile2 (2.4.0)
    minitar (0.8)
    minitar-cli (0.8)
      minitar (~> 0.8.0)
      powerbar (~> 1.0)
    minitest (5.13.0)
    minitest-autotest (1.1.1)
      minitest-server (~> 1.0)
      path_expander (~> 1.0)
    minitest-server (1.0.5)
      minitest (~> 5.0)
    multimap (1.1.3)
    nokogiri (1.10.5)
      mini_portile2 (~> 2.4.0)
    path_expander (1.1.0)
    powerbar (1.0.18)
      hashie (>= 1.1.0)
    rack (1.2.1)
    rack-fiber_pool (0.9.0)
    rack-test (1.1.0)
      rack (>= 1.0, < 3)
    rspec (2.0.1)
      rspec-core (~> 2.0.1)
      rspec-expectations (~> 2.0.1)
      rspec-mocks (~> 2.0.1)
    rspec-core (2.0.1)
    rspec-expectations (2.0.1)
      diff-lcs (>= 1.1.2)
    rspec-mocks (2.0.1)
      rspec-core (~> 2.0.1)
      rspec-expectations (~> 2.0.1)
    ruby-debug-base19 (0.11.25)
      columnize (>= 0.3.1)
      linecache19 (>= 0.5.11)
      ruby_core_source (>= 0.1.4)
    ruby-debug19 (0.11.6)
      columnize (>= 0.3.1)
      linecache19 (>= 0.5.11)
      ruby-debug-base19 (>= 0.11.19)
    ruby_core_source (0.1.5)
      archive-tar-minitar (>= 0.5.2)
    sinatra (1.0)
      rack (>= 1.0)
    spork (0.9.2)
    temple (0.8.2)
    thin (1.2.7)
      daemons (>= 1.0.9)
      eventmachine (>= 0.12.6)
      rack (>= 1.0.0)
    tilt (2.0.10)
    timecop (0.9.1)
    xpath (3.2.0)
      nokogiri (~> 1.8)

PLATFORMS
  ruby

DEPENDENCIES
  activesupport (~> 3.0.0)
  autotest
  capybara
  database_cleaner
  em-http-request
  em-synchrony!
  eventmachine (= 0.12.10)
  factory_girl (~> 1.3.1)
  haml (~> 5.1.2)
  i18n
  json
  multimap
  rack-fiber_pool
  rspec (~> 2.0.0.rc)
  ruby-debug19
  sinatra
  spork
  thin
  timecop
